PATH
  remote: .
  specs:
    ucisc (0.1.0)

GEM
  remote: https://rubygems.org/
  specs:
    byebug (11.0.1)
    minitest (5.14.0)
    rake (12.3.3)

PLATFORMS
  ruby

DEPENDENCIES
  byebug
  minitest (~> 5.0)
  rake (~> 12.0)
  ucisc!

BUNDLED WITH
   2.1.4
