PATH
  remote: .
  specs:
    ucisc (0.1.0)

GEM
  remote: https://rubygems.org/
  specs:
    byebug (11.0.1)
    chunky_png (1.3.11)
    minitest (5.14.0)
    rake (12.3.3)
    ruby2d (0.9.4)

PLATFORMS
  ruby

DEPENDENCIES
  byebug
  chunky_png
  minitest (~> 5.0)
  rake (~> 12.0)
  ruby2d
  ucisc!

BUNDLED WITH
   2.1.4
