PATH
  remote: .
  specs:
    ucisc (0.1.0)

GEM
  remote: https://rubygems.org/
  specs:
    atk (3.4.1)
      glib2 (= 3.4.1)
    byebug (11.0.1)
    cairo (1.16.5)
      native-package-installer (>= 1.0.3)
      pkg-config (>= 1.2.2)
    cairo-gobject (3.4.1)
      cairo (>= 1.16.2)
      glib2 (= 3.4.1)
    gdk_pixbuf2 (3.4.1)
      gio2 (= 3.4.1)
    gio2 (3.4.1)
      gobject-introspection (= 3.4.1)
    glib2 (3.4.1)
      native-package-installer (>= 1.0.3)
      pkg-config (>= 1.3.5)
    gobject-introspection (3.4.1)
      glib2 (= 3.4.1)
    gtk2 (3.4.1)
      atk (= 3.4.1)
      gdk_pixbuf2 (= 3.4.1)
      pango (= 3.4.1)
    minitest (5.14.0)
    native-package-installer (1.0.9)
    pango (3.4.1)
      cairo-gobject (= 3.4.1)
      gobject-introspection (= 3.4.1)
    pkg-config (1.4.1)
    rake (12.3.3)

PLATFORMS
  ruby

DEPENDENCIES
  byebug
  gtk2
  minitest (~> 5.0)
  rake (~> 12.0)
  ucisc!

BUNDLED WITH
   2.1.4
